GEM
  remote: https://rubygems.org/
  specs:
    concurrent-ruby (1.0.0)
    connection_pool (2.2.0)
    json (1.8.3)
    puma (2.15.3)
    rack (1.6.4)
    rack-protection (1.5.3)
      rack
    redis (3.2.2)
    redis-namespace (1.5.2)
      redis (~> 3.0, >= 3.0.4)
    sidekiq (4.0.1)
      concurrent-ruby (~> 1.0)
      connection_pool (~> 2.2, >= 2.2.0)
      json (~> 1.0)
      redis (~> 3.2, >= 3.2.1)
    sinatra (1.4.6)
      rack (~> 1.4)
      rack-protection (~> 1.4)
      tilt (>= 1.3, < 3)
    tilt (2.0.1)

PLATFORMS
  ruby

DEPENDENCIES
  puma
  redis-namespace
  sidekiq (= 4.0.1)
  sinatra

BUNDLED WITH
   1.11.2
